PATH
  remote: .
  specs:
    blitz (0.1.29)
      couchrest (~> 1.0.1)
      hexy (~> 0.1.1)
      json (>= 1.5.1)
      json_pure (>= 1.5.1)
      rake (~> 0.9.0)
      rest-client (~> 1.6.1)
      term-ansicolor (>= 1.0.5)

GEM
  remote: http://rubygems.org/
  specs:
    couchrest (1.0.2)
      json (~> 1.5.1)
      mime-types (~> 1.15)
      rest-client (~> 1.6.1)
    diff-lcs (1.1.3)
    git (1.2.5)
    hexy (0.1.2)
    jeweler (1.8.4)
      bundler (~> 1.0)
      git (>= 1.2.5)
      rake
      rdoc
    json (1.5.4)
    json_pure (1.7.5)
    mime-types (1.19)
    multi_json (1.3.7)
    rake (0.9.5)
    rdoc (3.12)
      json (~> 1.4)
    rest-client (1.6.7)
      mime-types (>= 1.16)
    rspec (2.8.0)
      rspec-core (~> 2.8.0)
      rspec-expectations (~> 2.8.0)
      rspec-mocks (~> 2.8.0)
    rspec-core (2.8.0)
    rspec-expectations (2.8.0)
      diff-lcs (~> 1.1.2)
    rspec-mocks (2.8.0)
    simplecov (0.7.1)
      multi_json (~> 1.0)
      simplecov-html (~> 0.7.1)
    simplecov-html (0.7.1)
    term-ansicolor (1.0.7)

PLATFORMS
  ruby

DEPENDENCIES
  blitz!
  bundler (~> 1.1.0)
  jeweler (~> 1.8.4)
  rspec (~> 2.8.0)
  rspec-core (~> 2.8.0)
  simplecov (>= 0.4.2)
